GEM
  remote: https://rubygems.org/
  specs:
    addressable (2.3.8)
    as-notifications (1.0.1)
    coderay (1.1.1)
    contracts (0.14.0)
    faraday (0.9.2)
      multipart-post (>= 1.2, < 3)
    fast_secure_compare (1.0.1)
    i18n (0.7.0)
    json-schema (2.6.2)
      addressable (~> 2.3.8)
    method_source (0.8.2)
    moneta (0.8.0)
    multi_json (1.12.1)
    multipart-post (2.0.0)
    octokit (4.3.0)
      sawyer (~> 0.7.0, >= 0.5.3)
    pry (0.10.4)
      coderay (~> 1.1.0)
      method_source (~> 0.8.1)
      slop (~> 3.4)
    rakuna (1.0.1)
      rakuna-authentication-github (~> 1.0)
      rakuna-content-json (~> 1.0)
      rakuna-content-signature (~> 1.0)
      rakuna-core (~> 1.0)
      rakuna-data-redis (~> 1.0)
      rakuna-integration-github (~> 1.0)
      rakuna-session-redis (~> 1.0)
      rakuna-validation-json (~> 1.0)
    rakuna-authentication-github (1.0.1)
      rakuna-core (~> 1.0)
      rakuna-integration-github (~> 1.0)
    rakuna-content-json (1.0.1)
      multi_json (~> 1.11)
      rakuna-core (~> 1.0)
    rakuna-content-signature (1.0.1)
      fast_secure_compare (~> 1.0)
      rakuna-core (~> 1.0)
      secure_compare (~> 0.0)
    rakuna-core (1.0.2)
      contracts (~> 0.12)
      webmachine (~> 1.4)
    rakuna-data-redis (1.0.1)
      rakuna-core (~> 1.0)
      redis (~> 3.2)
    rakuna-integration-github (1.0.1)
      octokit (~> 4.2)
      rakuna-core (~> 1.0)
    rakuna-session-redis (1.0.2)
      rakuna-core (~> 1.0)
      rakuna-data-redis (~> 1.0)
    rakuna-validation-json (1.0.1)
      json-schema (~> 2.5)
      rakuna-content-json (~> 1.0)
      rakuna-core (~> 1.0)
    redis (3.3.0)
    sawyer (0.7.0)
      addressable (>= 2.3.5, < 2.5)
      faraday (~> 0.8, < 0.10)
    secure_compare (0.0.1)
    slop (3.6.0)
    webmachine (1.4.0)
      as-notifications (~> 1.0)
      i18n (>= 0.4.0)
      multi_json

PLATFORMS
  ruby

DEPENDENCIES
  contracts
  moneta
  pry
  rakuna

BUNDLED WITH
   1.12.5
